GEM
  remote: https://rubygems.org/
  specs:
    makersinit (1.0.0)

PLATFORMS
  ruby

DEPENDENCIES
  makersinit

BUNDLED WITH
   1.11.2
